GEM
  remote: https://rubygems.org/
  specs:
    breakpoint (2.5.0)
      sass (~> 3.3)
      sassy-maps (< 1.0.0)
    hologram (1.2.0)
      redcarpet (>= 2.2, < 4.0)
      rouge (>= 1.5)
    redcarpet (3.1.2)
    rouge (1.6.2)
    sass (3.4.2)
    sass-globbing (1.1.1)
      sass (>= 3.1)
    sassy-maps (0.4.0)
      sass (~> 3.3)
    singularitygs (1.4.0)
      breakpoint (~> 2.4)
      sass (~> 3.3)

PLATFORMS
  ruby

DEPENDENCIES
  breakpoint (~> 2.5.0)
  hologram (~> 1.2.0)
  sass (~> 3.4.2)
  sass-globbing (~> 1.1.0)
  singularitygs (~> 1.4.0)
