GEM
  remote: https://rubygems.org/
  specs:
    blankslate (3.1.3)
    colorize (0.7.5)
    csscss (1.3.3)
      colorize
      parslet (>= 1.6.1, < 2.0)
    hologram (1.2.0)
      redcarpet (>= 2.2, < 4.0)
      rouge (>= 1.5)
    parslet (1.6.2)
      blankslate (>= 2.0, <= 4.0)
    rainbow (2.0.0)
    redcarpet (3.2.0)
    rouge (1.7.2)
    sass (3.4.13)
    scss-lint (0.34.0)
      rainbow (~> 2.0)
      sass (~> 3.4.1)

PLATFORMS
  ruby

DEPENDENCIES
  csscss (~> 1.3.3)
  hologram (~> 1.2.0)
  scss-lint (~> 0.34.0)
