GEM
  remote: https://rubygems.org/
  specs:
    breakpoint (2.4.1)
      compass (~> 1.0.0.alpha.13)
      sass (~> 3.3.0.rc.2)
      sassy-maps (< 1.0.0)
    chunky_png (1.3.0)
    compass (1.0.0.alpha.19)
      chunky_png (~> 1.2)
      compass-core (~> 1.0.0.alpha.19)
      compass-import-once (~> 1.0.3)
      json
      listen (~> 1.1.0)
      sass (>= 3.3.0, < 3.5)
    compass-core (1.0.0.alpha.19)
      multi_json (~> 1.0)
      sass (>= 3.3.0, < 3.5)
    compass-import-once (1.0.3)
      sass (>= 3.2, < 3.5)
    diff-lcs (1.2.5)
    ffi (1.9.3)
    hologram (1.0.0)
      pygments.rb (~> 0.4.2)
      redcarpet (~> 2.2.2)
      rspec (~> 2.14.1)
    json (1.8.1)
    listen (1.1.6)
      rb-fsevent (>= 0.9.3)
      rb-inotify (>= 0.9)
      rb-kqueue (>= 0.2)
    modular-scale (2.0.4)
      compass (>= 0.12.0)
    multi_json (1.9.0)
    posix-spawn (0.3.8)
    pygments.rb (0.4.2)
      posix-spawn (~> 0.3.6)
      yajl-ruby (~> 1.1.0)
    rb-fsevent (0.9.4)
    rb-inotify (0.9.3)
      ffi (>= 0.5.0)
    rb-kqueue (0.2.2)
      ffi (>= 0.5.0)
    redcarpet (2.2.2)
    rspec (2.14.1)
      rspec-core (~> 2.14.0)
      rspec-expectations (~> 2.14.0)
      rspec-mocks (~> 2.14.0)
    rspec-core (2.14.8)
    rspec-expectations (2.14.5)
      diff-lcs (>= 1.1.3, < 2.0)
    rspec-mocks (2.14.6)
    sass (3.3.2)
    sass-globbing (1.1.0)
      sass (>= 3.1)
    sassy-maps (0.3.2)
      compass (~> 1.0.0.alpha.13)
      sass (~> 3.3.0.rc.2)
    singularitygs (1.2.0.rc.6)
      breakpoint (~> 2.4)
      compass (~> 1.0.0.alpha.13)
      sass (~> 3.3.0.rc.2)
    yajl-ruby (1.1.0)

PLATFORMS
  ruby

DEPENDENCIES
  breakpoint (~> 2.4.1)
  compass (~> 1.0.0.alpha.19)
  hologram (~> 1.0.0)
  modular-scale (~> 2.0.4)
  sass-globbing (~> 1.1.0)
  singularitygs (~> 1.2.0.rc.6)
